GEM
  remote: https://rubygems.org/
  specs:
    ast (2.4.2)
    byebug (11.1.3)
    diff-lcs (1.5.0)
    nio4r (2.5.8)
    parallel (1.22.1)
    parser (3.1.1.0)
      ast (~> 2.4.1)
    puma (5.6.5)
      nio4r (~> 2.0)
    rack (2.2.4)
    rainbow (3.1.1)
    rexml (3.2.5)
    rspec (3.11.0)
      rspec-core (~> 3.11.0)
      rspec-expectations (~> 3.11.0)
      rspec-mocks (~> 3.11.0)
    rspec-core (3.11.0)
      rspec-support (~> 3.11.0)
    rspec-expectations (3.11.0)
      diff-lcs (>= 1.2.0, < 2.0)
      rspec-support (~> 3.11.0)
    rspec-mocks (3.11.1)
      diff-lcs (>= 1.2.0, < 2.0)
      rspec-support (~> 3.11.0)
    rspec-support (3.11.0)
    rubocop (0.83.0)
      parallel (~> 1.10)
      parser (>= 2.7.0.1)
      rainbow (>= 2.2.2, < 4.0)
      rexml
      ruby-progressbar (~> 1.7)
      unicode-display_width (>= 1.4.0, < 2.0)
    ruby-progressbar (1.11.0)
    unicode-display_width (1.8.0)

PLATFORMS
  ruby

DEPENDENCIES
  byebug
  puma
  rack
  rspec
  rubocop

RUBY VERSION
   ruby 3.1.2p20

BUNDLED WITH
   2.3.10
